GEM
  remote: https://rubygems.org/
  specs:
    chunky_png (1.2.8)
    compass (0.12.2)
      chunky_png (~> 1.2)
      fssm (>= 0.2.7)
      sass (~> 3.1)
    compass-sourcemaps (0.12.4.sourcemaps.a4836f1)
      chunky_png (~> 1.2)
      fssm (>= 0.2.7)
      sass (= 3.3.0.alpha.134)
    fssm (0.2.10)
    modular-scale (1.0.6)
      compass (>= 0.12.1)
      sass (>= 3.2.0)
      sassy-math (>= 1.5)
    rake (10.1.0)
    sass (3.3.0.alpha.134)
    sass-css-importer (1.0.0.beta.0)
      sass (>= 3.1)
    sassy-math (1.5)
      compass (~> 0.11)
    zurb-foundation (3.2.5)
      compass (>= 0.12.2)
      modular-scale (= 1.0.6)
      rake
      sass (>= 3.2.0)

PLATFORMS
  ruby

DEPENDENCIES
  compass (= 0.12.2)
  compass-sourcemaps (~> 0.12.2.sourcemaps.57a186c)
  sass (>= 3.3.0alpha)
  sass-css-importer (= 1.0.0.beta.0)
  zurb-foundation (~> 3.2.5)
